GEM
  remote: https://rubygems.org/
  specs:
    adsf (1.2.0)
      rack (>= 1.0.0)
    colored (1.2)
    cri (2.7.0)
      colored (~> 1.2)
    mini_portile2 (2.8.0)
    nanoc (3.8.0)
      cri (~> 2.3)
    nokogiri (1.13.4)
      mini_portile2 (~> 2.8.0)
      racc (~> 1.4)
    racc (1.6.0)
    rack (1.6.4)

PLATFORMS
  ruby

DEPENDENCIES
  adsf
  nanoc
  nokogiri
